PATH
  remote: .
  specs:
    scraperwiki (2.0.2)
      httpclient
      sqlite3

GEM
  remote: https://rubygems.org/
  specs:
    httpclient (2.3.3)
    sqlite3 (1.3.7)

PLATFORMS
  ruby

DEPENDENCIES
  scraperwiki!
